GEM
  specs:
    ascii_charts (0.9.1)
    aws-sdk (2.10.9)
      aws-sdk-resources (= 2.10.9)
    aws-sdk-core (2.10.9)
      aws-sigv4 (~> 1.0)
      jmespath (~> 1.0)
    aws-sdk-resources (2.10.9)
      aws-sdk-core (= 2.10.9)
    aws-sigv4 (1.0.0)
    jmespath (1.3.1)
    mustermann (1.0.0)
    mysql2 (0.4.7)
    rack (2.0.3)
    rack-protection (2.0.0)
      rack
    sinatra (2.0.0)
      mustermann (~> 1.0)
      rack (~> 2.0)
      rack-protection (= 2.0.0)
      tilt (~> 2.0)
    tilt (2.0.7)

PLATFORMS
  ruby

DEPENDENCIES
  ascii_charts
  aws-sdk
  mysql2
  sinatra

BUNDLED WITH
   1.15.3
